GIT
  remote: git://github.com/aspiers/guard-minitest.git
  revision: 4b660261d3596b7dd2a9fe135f7ee23ca0c04cc1
  specs:
    guard-minitest (0.4.0)
      guard (~> 0.4)

PATH
  remote: .
  specs:
    model_outputter (0.0.0.2)

GEM
  remote: http://rubygems.org/
  specs:
    activesupport (3.2.3)
      i18n (~> 0.6)
      multi_json (~> 1.0)
    ffi (1.0.11)
    guard (0.10.0)
      ffi (>= 0.5.0)
      thor (~> 0.14.6)
    i18n (0.6.0)
    minitest (2.12.1)
    multi_json (1.3.4)
    thor (0.14.6)

PLATFORMS
  x86-mingw32

DEPENDENCIES
  activesupport
  guard
  guard-minitest!
  minitest
  model_outputter!
